GEM
  remote: https://rubygems.org/
  specs:
    addressable (2.3.8)
    approvals (0.0.22)
      nokogiri (~> 1.6)
      thor (~> 0.18)
    ast (2.2.0)
    bugsnag (2.8.12)
      json (~> 1.7, >= 1.7.7)
    coveralls (0.8.9)
      json (~> 1.8)
      rest-client (>= 1.6.8, < 2)
      simplecov (~> 0.10.0)
      term-ansicolor (~> 1.3)
      thor (~> 0.19.1)
      tins (~> 1.6.0)
    crack (0.4.2)
      safe_yaml (~> 1.0.0)
    docile (1.1.5)
    domain_name (0.5.25)
      unf (>= 0.0.5, < 1.0.0)
    faraday (0.9.2)
      multipart-post (>= 1.2, < 3)
    http-cookie (1.0.2)
      domain_name (~> 0.5)
    json (1.8.3)
    mime-types (2.99)
    mini_portile2 (2.3.0)
    minitest (5.8.3)
    multipart-post (2.0.0)
    netrc (0.11.0)
    nokogiri (1.8.1)
      mini_portile2 (~> 2.3.0)
    org-ruby (0.9.12)
      rubypants (~> 0.2)
    parser (2.3.0.7)
      ast (~> 2.2)
    petroglyph (0.0.7)
      tilt
    powerpack (0.1.1)
    psych (2.0.15)
    puma (2.15.3)
    rack (1.6.4)
    rack-protection (1.5.3)
      rack
    rack-test (0.6.3)
      rack (>= 1.0)
    rainbow (2.1.0)
    rake (10.5.0)
    rest-client (1.8.0)
      http-cookie (>= 1.0.2, < 2.0)
      mime-types (>= 1.16, < 3.0)
      netrc (~> 0.7)
    rubocop (0.36.0)
      parser (>= 2.3.0.0, < 3.0)
      powerpack (~> 0.1)
      rainbow (>= 1.99.1, < 3.0)
      ruby-progressbar (~> 1.7)
    ruby-progressbar (1.7.5)
    rubypants (0.7.0)
    rubyzip (1.2.1)
    safe_yaml (1.0.4)
    simplecov (0.10.0)
      docile (~> 1.1.0)
      json (~> 1.8)
      simplecov-html (~> 0.10.0)
    simplecov-html (0.10.0)
    sinatra (1.4.6)
      rack (~> 1.4)
      rack-protection (~> 1.4)
      tilt (>= 1.3, < 3)
    term-ansicolor (1.3.2)
      tins (~> 1.0)
    thor (0.19.1)
    tilt (1.4.1)
    tins (1.6.0)
    trackler (2.2.1.174)
      org-ruby (~> 0.9.0)
      rubyzip (~> 1.1)
    unf (0.1.4)
      unf_ext
    unf_ext (0.0.7.1)
    vcr (2.9.3)
    webmock (1.17.4)
      addressable (>= 2.2.7)
      crack (>= 0.3.2)

PLATFORMS
  ruby

DEPENDENCIES
  approvals (~> 0.0.16)
  bugsnag
  coveralls (~> 0.7)
  faraday (~> 0.9)
  minitest (~> 5.3)
  org-ruby
  petroglyph (= 0.0.7)
  psych
  puma (~> 2.7)
  rack (~> 1.4)
  rack-test (~> 0.6)
  rake (~> 10.4)
  rubocop (~> 0.36.0)
  rubyzip
  simplecov (~> 0.8)
  sinatra (~> 1.4)
  tilt (~> 1.3)
  trackler (~> 2.2.0)
  vcr (~> 2.8)
  webmock (~> 1.17.0)

RUBY VERSION
   ruby 2.2.5p319

BUNDLED WITH
   1.16.0
